{
    "Modality": "MR",
    "ManufacturersModelName": "Unknown model",
    "PatientPosition": "HFS",
    "StudyDescription": "CEREBRO SIMPLE",
    "SeriesDescription": "FLAIR_SAG_3D",
    "ProtocolName": "FLAIR_SAG_3D",
    "ImageType": [
        "ORIGINAL",
        "PRIMARY",
        "MPR"
    ],
    "SeriesNumber": 1,
    "SliceThickness": 1,
    "SpacingBetweenSlices": 1,
    "ImageOrientationPatientDICOM": [
        -0.0430156,
        0.999005,
        0.0117335,
        -0.025947,
        0.0106234,
        -0.999607
    ],
    "ConversionSoftware": "dcm2niix",
    "ConversionSoftwareVersion": "v1.0.20241211"
}