{
    "Modality": "MR",
    "MagneticFieldStrength": 0.2,
    "ImagingFrequency": 8.527071,
    "Manufacturer": "GE",
    "ManufacturersModelName": "SIGNA EXCITE",
    "PatientPosition": "HFS",
    "ProcedureStepDescription": "Spin Echo",
    "SoftwareVersions": "12\\LX\\MR Software release:PROFILE5.293a_M4_0542.a",
    "MRAcquisitionType": "2D",
    "StudyDescription": "CEREBRAL",
    "SeriesDescription": "SAG T1 SE",
    "ProtocolName": "HEAD EC/2",
    "ScanningSequence": "SE",
    "SequenceVariant": "NONE",
    "ScanOptions": "VB_GEMS\\EDR_GEMS\\FILTERED_GEMS\\PFF",
    "PulseSequenceName": "memp",
    "ImageType": [
        "ORIGINAL",
        "PRIMARY",
        "OTHER",
        "MAGNITUDE"
    ],
    "SeriesNumber": 2,
    "AcquisitionTime": "09:50:3.000000",
    "AcquisitionNumber": 1,
    "SliceThickness": 6,
    "SpacingBetweenSlices": 7,
    "SAR": 0.0858948,
    "TablePosition": [
        0,
        0,
        0
    ],
    "NumberOfAverages": 2,
    "EchoTime": 0.012,
    "RepetitionTime": 0.5,
    "FlipAngle": 90,
    "ShimSetting": [
        -11,
        -16,
        21
    ],
    "CoilString": "HEAD",
    "NumberOfExcitations": 2,
    "PercentPhaseFOV": 100,
    "PercentSampling": 100,
    "AcquisitionMatrixPE": 192,
    "ReconMatrixPE": 512,
    "AcquisitionDuration": 196.05,
    "PixelBandwidth": 30.5078,
    "PhaseEncodingAxis": "i",
    "ImageOrientationPatientDICOM": [
        0.0523697,
        0.998473,
        -0.0175786,
        0.0407427,
        -0.0197152,
        -0.998975
    ],
    "InPlanePhaseEncodingDirectionDICOM": "ROW",
    "ConversionSoftware": "dcm2niix",
    "ConversionSoftwareVersion": "v1.0.20241211"
}